GEM
  remote: http://rubygems.org/
  specs:
    addressable (2.2.7)
    faraday (0.7.6)
      addressable (~> 2.2)
      multipart-post (~> 1.1)
      rack (~> 1.1)
    git (1.2.5)
    github_api (0.5.0)
      faraday (~> 0.7.6)
      hashie (~> 1.2.0)
      multi_json (~> 1.3)
      nokogiri (~> 1.5.2)
      oauth2 (~> 0.5.2)
    hashie (1.2.0)
    jeweler (1.8.3)
      bundler (~> 1.0)
      git (>= 1.2.5)
      rake
      rdoc
    json (1.7.0)
    mime-types (1.18)
    multi_json (1.3.4)
    multipart-post (1.1.5)
    nokogiri (1.5.2)
    oauth2 (0.5.2)
      faraday (~> 0.7)
      multi_json (~> 1.0)
    rack (1.4.1)
    rake (0.9.2.2)
    rdoc (3.12)
      json (~> 1.4)
    rest-client (1.6.7)
      mime-types (>= 1.16)
    shoulda (3.0.1)
      shoulda-context (~> 1.0.0)
      shoulda-matchers (~> 1.0.0)
    shoulda-context (1.0.0)
    shoulda-matchers (1.0.0)

PLATFORMS
  ruby

DEPENDENCIES
  bundler (~> 1.1.0)
  github_api
  jeweler (~> 1.8.3)
  rdoc (~> 3.12)
  rest-client
  shoulda
